GIT
  remote: git://github.com/voidfiles/jekyll.git
  revision: 4361d87a37c26f8d37cc65cef4e398872fec1048
  specs:
    jekyll (1.0.0.beta4)
      classifier (~> 1.3)
      colorator (~> 0.1)
      commander (~> 4.1.3)
      directory_watcher (~> 1.4.1)
      kramdown (~> 0.14)
      liquid (~> 2.3)
      maruku (~> 0.5)
      pygments.rb (~> 0.4.2)
      safe_yaml (~> 0.7.0)

GEM
  remote: http://rubygems.org/
  specs:
    aws-sdk (1.8.5)
      json (~> 1.4)
      nokogiri (>= 1.4.4)
      uuidtools (~> 2.1)
    chunky_png (1.2.7)
    classifier (1.3.3)
      fast-stemmer (>= 1.0.0)
    colorator (0.1)
    colored (1.2)
    commander (4.1.3)
      highline (~> 1.6.11)
    compass (0.12.2)
      chunky_png (~> 1.2)
      fssm (>= 0.2.7)
      sass (~> 3.1)
    configure-s3-website (1.1.1)
    directory_watcher (1.4.1)
    erubis (2.7.0)
    fast-stemmer (1.0.2)
    filey-diff (1.1.0)
    fssm (0.2.10)
    highline (1.6.18)
    hike (1.2.1)
    jekyll-assets (0.3.5)
      jekyll
      sprockets (~> 2.9)
    jekyll-s3 (2.4.2)
      aws-sdk (~> 1.8.5)
      configure-s3-website (~> 1.1)
      erubis (~> 2.7.0)
      filey-diff (~> 1.1)
      mime-types (= 1.19)
      simple-cloudfront-invalidator (~> 1.0)
    json (1.7.7)
    kramdown (0.14.2)
    liquid (2.3.0)
    maruku (0.6.1)
      syntax (>= 1.0.0)
    mime-types (1.19)
    multi_json (1.7.2)
    nokogiri (1.5.9)
    posix-spawn (0.3.6)
    pygments.rb (0.4.2)
      posix-spawn (~> 0.3.6)
      yajl-ruby (~> 1.1.0)
    rack (1.5.2)
    rake (0.9.6)
    rb-fsevent (0.9.3)
    rdiscount (1.6.8)
    safe_yaml (0.7.1)
    sass (3.2.7)
    simple-cloudfront-invalidator (1.0.0)
      colored (= 1.2)
    sprockets (2.9.0)
      hike (~> 1.2)
      multi_json (~> 1.0)
      rack (~> 1.0)
      tilt (~> 1.1, != 1.3.0)
    stringex (1.4.0)
    syntax (1.0.0)
    tilt (1.3.6)
    uuidtools (2.1.3)
    yajl-ruby (1.1.0)
    zurb-foundation (4.1.6)
      sass (>= 3.2.0)

PLATFORMS
  ruby

DEPENDENCIES
  compass (~> 0.12.1)
  jekyll!
  jekyll-assets (~> 0.3.5)
  jekyll-s3 (~> 2.4.2)
  liquid (~> 2.3.0)
  rake (~> 0.9.2)
  rb-fsevent (~> 0.9.1)
  rdiscount (~> 1.6.8)
  sass (~> 3.2.7)
  stringex (~> 1.4.0)
  zurb-foundation (~> 4.1.5)
